GEM
  remote: https://rubygems.org/
  specs:
    jruby-jars (1.7.10)
    jruby-rack (1.1.13.3)
    rack (1.5.2)
    rake (10.1.1)
    rubyzip (1.0.0)
    warbler (1.4.0)
      jruby-jars (>= 1.5.6)
      jruby-rack (>= 1.0.0)
      rake (>= 0.9.6)
      rubyzip (>= 0.9, < 1.1)

PLATFORMS
  ruby

DEPENDENCIES
  rack
  warbler
